PATH
  remote: .
  specs:
    verifiable (0.0.1)

GEM
  remote: http://rubygems.org/
  specs:
    activerecord (2.3.11)
      activesupport (= 2.3.11)
    activesupport (2.3.11)
    columnize (0.3.2)
    linecache (0.43)
    rake (0.8.7)
    ruby-debug (0.10.4)
      columnize (>= 0.1)
      ruby-debug-base (~> 0.10.4.0)
    ruby-debug-base (0.10.4)
      linecache (>= 0.3)
    sqlite3 (1.3.3)

PLATFORMS
  ruby

DEPENDENCIES
  activerecord (= 2.3.11)
  bundler (>= 1.0.0)
  rake (= 0.8.7)
  ruby-debug
  sqlite3 (= 1.3.3)
  verifiable!
